{
	"ECGChannelCount": 1,
	"EEGChannelCount": 127,
	"EEGReference": "placed on FCz",
	"EMGChannelCount": 0,
	"EOGChannelCount": 0,
	"MiscChannelCount": 0,
	"PowerLineFrequency": 50,
	"RecordingDuration": 633.1,
	"SamplingFrequency": 1000,
	"SoftwareFilters": "n\/a",
	"TaskName": "LKMSelf",
	"TriggerChannelCount": 0
}
