{
	"ECGChannelCount": 1,
	"EEGChannelCount": 127,
	"EEGReference": "placed on FCz",
	"EMGChannelCount": 0,
	"EOGChannelCount": 0,
	"MiscChannelCount": 0,
	"PowerLineFrequency": 50,
	"RecordingDuration": 333.8,
	"SamplingFrequency": 1000,
	"SoftwareFilters": "n\/a",
	"TaskName": "PostResting",
	"TriggerChannelCount": 0
}
